GEM
  remote: http://rubygems.org/
  specs:
    googlecharts (1.6.8)

PLATFORMS
  ruby

DEPENDENCIES
  googlecharts
